PATH
  remote: .
  specs:
    infix (0.0.1)
      activesupport
      hiredis
      redis
      redis-namespace

GEM
  remote: http://rubygems.org/
  specs:
    activesupport (3.2.13)
      i18n (= 0.6.1)
      multi_json (~> 1.0)
    celluloid (0.12.4)
      facter (>= 1.6.12)
      timers (>= 1.0.0)
    connection_pool (1.0.0)
    diff-lcs (1.2.3)
    facter (1.7.0)
    hiredis (0.4.5)
    i18n (0.6.1)
    multi_json (1.7.2)
    redis (3.0.3)
    redis-namespace (1.2.1)
      redis (~> 3.0.0)
    rspec (2.13.0)
      rspec-core (~> 2.13.0)
      rspec-expectations (~> 2.13.0)
      rspec-mocks (~> 2.13.0)
    rspec-core (2.13.1)
    rspec-expectations (2.13.0)
      diff-lcs (>= 1.1.3, < 2.0)
    rspec-mocks (2.13.1)
    sidekiq (2.10.1)
      celluloid (~> 0.12.0)
      connection_pool (~> 1.0)
      multi_json (~> 1)
      redis (~> 3)
      redis-namespace
    timers (1.1.0)

PLATFORMS
  ruby

DEPENDENCIES
  infix!
  rspec
  sidekiq
